PATH
  remote: .
  specs:
    ruby-json-home (0.0.1)
      bundler

GEM
  remote: https://rubygems.org/
  specs:
    addressable (2.3.6)
    crack (0.4.2)
      safe_yaml (~> 1.0.0)
    json (1.8.1)
    minitest (5.4.0)
    rake (10.3.2)
    rdoc (4.1.1)
      json (~> 1.4)
    safe_yaml (1.0.3)
    webmock (1.18.0)
      addressable (>= 2.3.6)
      crack (>= 0.3.2)

PLATFORMS
  ruby

DEPENDENCIES
  minitest
  rake
  rdoc
  ruby-json-home!
  webmock
