PATH
  remote: .
  specs:
    ruby-json-home (0.0.5)
      bundler

GEM
  remote: https://rubygems.org/
  specs:
    addressable (2.3.6)
    crack (0.4.2)
      safe_yaml (~> 1.0.0)
    json (1.8.1)
    minitest (5.4.3)
    rake (10.4.2)
    rdoc (4.1.2)
      json (~> 1.4)
    safe_yaml (1.0.4)
    webmock (1.20.4)
      addressable (>= 2.3.6)
      crack (>= 0.3.2)

PLATFORMS
  ruby

DEPENDENCIES
  minitest
  rake
  rdoc
  ruby-json-home!
  webmock
